GEM
  remote: http://rubygems.org/
  specs:
    addressable (2.2.6)
    arrayfields (4.7.4)
    bones (3.7.0)
      little-plugger (>= 1.1.2)
      loquacious (>= 1.7.0)
      rake (>= 0.8.7)
    bones-git (1.2.4)
      bones (>= 3.6)
      git (>= 1.2.5)
    bones-rspec (2.0.1)
      bones (>= 3.6)
      rspec (>= 1.3)
    configuration (1.3.1)
    diff-lcs (1.1.2)
    eventmachine (0.12.10)
    fail-fast (1.1.0)
    fattr (2.2.0)
    git (1.2.5)
    highline (1.6.2)
    hookr (1.1.0)
      fail-fast (>= 1.0.0)
    http_parser.rb (0.5.1)
    json (1.5.3)
    launchy (0.4.0)
      configuration (>= 0.0.5)
      rake (>= 0.8.1)
    little-plugger (1.1.2)
    loquacious (1.8.1)
    main (4.6.0)
      arrayfields (>= 4.7.4)
      fattr (>= 2.1.0)
      map (>= 2.0.0)
    map (4.2.0)
    mash (0.1.1)
    oauth (0.4.5)
    rake (0.9.2)
    rspec (2.6.0)
      rspec-core (~> 2.6.0)
      rspec-expectations (~> 2.6.0)
      rspec-mocks (~> 2.6.0)
    rspec-core (2.6.4)
    rspec-expectations (2.6.0)
      diff-lcs (~> 1.1.2)
    rspec-mocks (2.6.0)
    servolux (0.9.6)
    simple_oauth (0.1.5)
    twitter-stream (0.1.14)
      eventmachine (>= 0.12.8)
      http_parser.rb (~> 0.5.1)
      simple_oauth (~> 0.1.4)
    yammer4r (0.1.5)
      json (>= 1.1.7)
      mash (>= 0.0.3)
      oauth (>= 0.3.5)

PLATFORMS
  ruby

DEPENDENCIES
  addressable (~> 2.1)
  bones
  bones-git
  bones-rspec
  eventmachine (~> 0.12.10)
  highline (~> 1.5)
  hookr (~> 1.1)
  json (~> 1.4)
  launchy
  main (~> 4.2)
  oauth (~> 0.4.3)
  servolux (~> 0.9.4)
  twitter-stream (~> 0.1.6)
  yammer4r (~> 0.1.5)
